GEM
  remote: http://rubygems.org/
  specs:
    builder (3.0.0)
    cucumber (0.10.2)
      builder (>= 2.1.2)
      diff-lcs (>= 1.1.2)
      gherkin (>= 2.3.5)
      json (>= 1.4.6)
      term-ansicolor (>= 1.0.5)
    diff-lcs (1.1.2)
    gherkin (2.3.6)
      json (>= 1.4.6)
    git (1.2.5)
    growl (1.0.3)
    jeweler (1.5.2)
      bundler (~> 1.0.0)
      git (>= 1.2.5)
      rake
    json (1.5.1)
    mocha (0.9.12)
    rake (0.8.7)
    rb-fsevent (0.4.0)
    rcov (0.9.9)
    rspec (2.5.0)
      rspec-core (~> 2.5.0)
      rspec-expectations (~> 2.5.0)
      rspec-mocks (~> 2.5.0)
    rspec-core (2.5.1)
    rspec-expectations (2.5.0)
      diff-lcs (~> 1.1.2)
    rspec-mocks (2.5.0)
    term-ansicolor (1.0.5)
    watchr (0.7)

PLATFORMS
  ruby

DEPENDENCIES
  bundler (~> 1.0.0)
  cucumber
  growl
  jeweler (~> 1.5.2)
  mocha
  rb-fsevent
  rcov
  rspec
  watchr
